RESTRICTION: == net50
NUGET
  remote: https://api.nuget.org/v3/index.json
    FSharp.Core (5.0.1)
    FSharp.Data (4.0.1)
      FSharp.Core (>= 4.7.2)
    FSharp.Data.TypeProviders (5.0.0.6)
      FSharp.Core (>= 3.1.2.5)
